PATH
  remote: .
  specs:
    smtp-server (4.0.0)

GEM
  remote: https://rubygems.org/
  specs:
    async (2.18.0)
      console (~> 1.26)
      fiber-annotation
      io-event (~> 1.6, >= 1.6.5)
    console (1.29.0)
      fiber-annotation
      fiber-local (~> 1.1)
      json
    fiber-annotation (0.2.0)
    fiber-local (1.1.0)
      fiber-storage
    fiber-storage (1.0.0)
    io-event (1.7.3)
    json (2.8.1)

PLATFORMS
  ruby
  x86_64-linux

DEPENDENCIES
  async
  smtp-server!

BUNDLED WITH
   2.5.16
